GIT
  remote: https://github.com/Origen-SDK/origen.git
  revision: 9b3c530a663a0d4a4201e71845530648d791f98a
  branch: feature/ruby_3_3_1
  specs:
    origen (0.60.13)
      activesupport (~> 7.1.3.2)
      bundler (> 1.7)
      coderay (~> 1.1)
      colored (~> 1.2)
      colorize (~> 0.8.1)
      concurrent-ruby
      dentaku (~> 3)
      gems (~> 0.8)
      highline (~> 1.7)
      httparty (~> 0.13)
      kramdown (~> 2.4)
      nanoc (~> 3.7.0)
      net-ldap (~> 0.13)
      nokogiri (>= 1.11.0)
      pry (~> 0.10)
      rake (~> 10)
      rspec (~> 3)
      rspec-legacy_formatters (~> 1)
      rubocop (= 1.63.3)
      scrub_rb (~> 1.0)
      simplecov (~> 0.17)
      simplecov-html (~> 0.10)
      thor (~> 0.19)
      yard (~> 0.8)

GIT
  remote: https://github.com/Origen-SDK/origen_stil.git
  revision: 8d726318d86dc32eabf0d91cb2de5d423418abf9
  specs:
    origen_stil (0.3.0)
      ast (~> 2)
      origen (>= 0.33.3)
      treetop

PATH
  remote: .
  specs:
    origen_testers (0.52.9)
      ast (~> 2)
      atp (~> 1.1, >= 1.1.3)
      dentaku (~> 3)
      origen_stil (>= 0.2.1)
      parallel (>= 1.24)
      require_all (~> 1)
      rodf (~> 1)
      sexpistol (= 0.1.2)
      simplecov (~> 0.17)
      simplecov-html (~> 0.10.0)

GEM
  remote: https://rubygems.org/
  specs:
    activesupport (7.1.3.4)
      base64
      bigdecimal
      concurrent-ruby (~> 1.0, >= 1.0.2)
      connection_pool (>= 2.2.5)
      drb
      i18n (>= 1.6, < 2)
      minitest (>= 5.1)
      mutex_m
      tzinfo (~> 2.0)
    ast (2.4.2)
    atp (1.1.3)
      ast (~> 2)
      origen (>= 0.2.3)
      sexpistol (~> 0.0)
    base64 (0.2.0)
    bigdecimal (3.1.8)
    builder (3.3.0)
    byebug (11.1.3)
    coderay (1.1.3)
    colored (1.2)
    colorize (0.8.1)
    concurrent-ruby (1.3.4)
    connection_pool (2.4.1)
    cri (2.15.12)
    csv (3.3.0)
    dentaku (3.5.4)
      bigdecimal
      concurrent-ruby
    diff-lcs (1.5.1)
    docile (1.4.1)
    drb (2.2.1)
    dry-inflector (0.1.2)
    gems (0.8.3)
    highline (1.7.10)
    httparty (0.22.0)
      csv
      mini_mime (>= 1.0.0)
      multi_xml (>= 0.5.2)
    i18n (1.14.5)
      concurrent-ruby (~> 1.0)
    json (2.7.2)
    kramdown (2.4.0)
      rexml
    language_server-protocol (3.17.0.3)
    method_source (1.1.0)
    mini_mime (1.1.5)
    minitest (5.25.1)
    multi_xml (0.7.1)
      bigdecimal (~> 3.1)
    mutex_m (0.2.0)
    nanoc (3.7.5)
      cri (~> 2.3)
    net-ldap (0.19.0)
    nokogiri (1.16.7-aarch64-linux)
      racc (~> 1.4)
    nokogiri (1.16.7-arm-linux)
      racc (~> 1.4)
    nokogiri (1.16.7-arm64-darwin)
      racc (~> 1.4)
    nokogiri (1.16.7-x86-linux)
      racc (~> 1.4)
    nokogiri (1.16.7-x86_64-darwin)
      racc (~> 1.4)
    nokogiri (1.16.7-x86_64-linux)
      racc (~> 1.4)
    origen_arm_debug (0.4.3)
      origen (~> 0.2)
      origen_jtag (>= 0.12.0)
      origen_swd (>= 0.5.0)
    origen_doc_helpers (0.8.6)
      origen (>= 0.7.15)
    origen_jtag (0.22.3)
    origen_jtag (0.22.3)
      origen (~> 0.7, >= 0.7.35)
      origen_testers (>= 0.13.2)
    origen_swd (1.1.3)
    origen_swd (1.1.3)
      origen (>= 0.7.36)
    parallel (1.26.3)
    parser (3.3.4.2)
      ast (~> 2.4.1)
      racc
    polyglot (0.3.5)
    pry (0.14.2)
      coderay (~> 1.1)
      method_source (~> 1.0)
    racc (1.8.1)
    rainbow (3.1.1)
    rake (10.5.0)
    regexp_parser (2.9.2)
    require_all (1.5.0)
    rexml (3.3.5)
      strscan
    ripper-tags (1.0.2)
    rodf (1.2.0)
      builder (>= 3.0)
      rubyzip (>= 1.0)
    rspec (3.13.0)
      rspec-core (~> 3.13.0)
      rspec-expectations (~> 3.13.0)
      rspec-mocks (~> 3.13.0)
    rspec-core (3.13.0)
      rspec-support (~> 3.13.0)
    rspec-expectations (3.13.1)
      diff-lcs (>= 1.2.0, < 2.0)
      rspec-support (~> 3.13.0)
      rspec-support (~> 3.13.0)
    rspec-legacy_formatters (1.0.2)
      rspec (~> 3.0)
    rspec-mocks (3.13.1)
      diff-lcs (>= 1.2.0, < 2.0)
      rspec-support (~> 3.13.0)
    rspec-support (3.13.1)
    rubocop (1.63.3)
      json (~> 2.3)
      language_server-protocol (>= 3.17.0)
      parallel (~> 1.10)
      parser (>= 3.3.0.2)
      rainbow (>= 2.2.2, < 4.0)
      regexp_parser (>= 1.8, < 3.0)
      rexml (>= 3.2.5, < 4.0)
      rubocop-ast (>= 1.31.1, < 2.0)
      ruby-progressbar (~> 1.7)
      unicode-display_width (>= 2.4.0, < 3.0)
    rubocop-ast (1.32.1)
      parser (>= 3.3.1.0)
    ruby-progressbar (1.13.0)
    rubyzip (1.3.0)
    scrub_rb (1.0.1)
    sexpistol (0.1.2)
    simplecov (0.17.1)
      docile (~> 1.1)
      json (>= 1.8, < 3)
      simplecov-html (~> 0.10.0)
    simplecov-html (0.10.2)
    strscan (3.1.0)
    thor (0.20.3)
    treetop (1.6.12)
      polyglot (~> 0.3)
    tzinfo (2.0.6)
      concurrent-ruby (~> 1.0)
    unicode-display_width (2.5.0)
    yard (0.9.36)
    yard-activesupport-concern (0.0.1)
      yard (>= 0.8)

PLATFORMS
  aarch64-linux
  arm-linux
  arm64-darwin
  x86-linux
  x86_64-darwin
  x86_64-linux

DEPENDENCIES
  byebug (~> 11)
  dry-inflector (= 0.1.2)
  nokogiri
  origen!
  origen_arm_debug (= 0.4.3)
  origen_doc_helpers
  origen_jtag (>= 0.12.0)
  origen_stil!
  origen_testers!
  ripper-tags
  rubyzip (~> 1)
  yard-activesupport-concern

BUNDLED WITH
   2.4.10
