PATH
  remote: .
  specs:
    origen_testers (0.6.2)
      atp (~> 0.4, >= 0.4.1)
      origen (>= 0.7.0)
      require_all (~> 1)

GEM
  remote: https://rubygems.org/
  specs:
    activesupport (4.2.6)
      i18n (~> 0.7)
      json (~> 1.7, >= 1.7.7)
      minitest (~> 5.1)
      thread_safe (~> 0.3, >= 0.3.4)
      tzinfo (~> 1.1)
    ast (2.2.0)
    astrolabe (1.3.1)
      parser (~> 2.2)
    atp (0.4.1)
      ast (~> 2)
      origen (>= 0.2.3)
      sexpistol (~> 0.0)
    byebug (3.5.1)
      columnize (~> 0.8)
      debugger-linecache (~> 1.2)
      slop (~> 3.6)
    coderay (1.1.1)
    colored (1.2)
    columnize (0.9.0)
    coveralls (0.8.13)
      json (~> 1.8)
      simplecov (~> 0.11.0)
      term-ansicolor (~> 1.3)
      thor (~> 0.19.1)
      tins (~> 1.6.0)
    cri (2.7.0)
      colored (~> 1.2)
    debugger-linecache (1.2.0)
    diff-lcs (1.2.5)
    docile (1.1.5)
    gems (0.8.3)
    highline (1.7.8)
    httparty (0.13.7)
      json (~> 1.8)
      multi_xml (>= 0.5.2)
    i18n (0.7.0)
    json (1.8.3)
    kramdown (1.10.0)
    log4r (1.1.10)
    method_source (0.8.2)
    mini_portile2 (2.0.0)
    minitest (5.8.4)
    multi_xml (0.5.5)
    nanoc (3.8.0)
      cri (~> 2.3)
    net-ldap (0.14.0)
    nokogiri (1.6.7.2)
      mini_portile2 (~> 2.0.0.rc2)
    nokogiri (1.6.7.2-x86-mingw32)
      mini_portile2 (~> 2.0.0.rc2)
    origen (0.7.0)
      activesupport (~> 4.1)
      bundler (~> 1.7)
      coderay (~> 1.1)
      colored (~> 1.2)
      gems (~> 0.8)
      highline (~> 1.7)
      httparty (~> 0.13)
      kramdown (~> 1.5)
      log4r (~> 1.1.10, ~> 1.1)
      nanoc (~> 3.7)
      net-ldap (~> 0.13)
      nokogiri (= 1.6.7.2)
      pry (~> 0.10)
      rake (~> 10)
      rspec (~> 3)
      rspec-legacy_formatters (~> 1)
      rubocop (= 0.30)
      scrub_rb (~> 1.0)
      simplecov (~> 0.9)
      thor (~> 0.19)
      yard (~> 0.8)
    origen_arm_debug (0.4.3)
      origen (~> 0.2)
      origen_jtag (>= 0.12.0)
      origen_swd (>= 0.5.0)
    origen_doc_helpers (0.3.0)
      origen (~> 0.6)
    origen_jtag (0.12.0)
      origen (~> 0.2)
    origen_swd (0.5.0)
      origen (~> 0.2)
    parser (2.3.0.6)
      ast (~> 2.2)
    powerpack (0.1.1)
    pry (0.10.3)
      coderay (~> 1.1.0)
      method_source (~> 0.8.1)
      slop (~> 3.4)
    rainbow (2.1.0)
    rake (10.5.0)
    require_all (1.3.3)
    rspec (3.4.0)
      rspec-core (~> 3.4.0)
      rspec-expectations (~> 3.4.0)
      rspec-mocks (~> 3.4.0)
    rspec-core (3.4.4)
      rspec-support (~> 3.4.0)
    rspec-expectations (3.4.0)
      diff-lcs (>= 1.2.0, < 2.0)
      rspec-support (~> 3.4.0)
    rspec-legacy_formatters (1.0.1)
      rspec (~> 3.0)
    rspec-mocks (3.4.1)
      diff-lcs (>= 1.2.0, < 2.0)
      rspec-support (~> 3.4.0)
    rspec-support (3.4.1)
    rubocop (0.30.0)
      astrolabe (~> 1.3)
      parser (>= 2.2.0.1, < 3.0)
      powerpack (~> 0.1)
      rainbow (>= 1.99.1, < 3.0)
      ruby-progressbar (~> 1.4)
    ruby-progressbar (1.7.5)
    scrub_rb (1.0.1)
    sexpistol (0.0.7)
    simplecov (0.11.2)
      docile (~> 1.1.0)
      json (~> 1.8)
      simplecov-html (~> 0.10.0)
    simplecov-html (0.10.0)
    slop (3.6.0)
    term-ansicolor (1.3.2)
      tins (~> 1.0)
    thor (0.19.1)
    thread_safe (0.3.5)
    tins (1.6.0)
    tzinfo (1.2.2)
      thread_safe (~> 0.1)
    yard (0.8.7.6)
    yard-activesupport-concern (0.0.1)
      yard (>= 0.8)

PLATFORMS
  ruby
  x86-mingw32

DEPENDENCIES
  byebug (~> 3.5)
  coveralls
  origen_arm_debug (= 0.4.3)
  origen_doc_helpers (>= 0.2.0)
  origen_jtag (>= 0.12.0)
  origen_testers!
  yard-activesupport-concern
