PATH
  remote: .
  specs:
    origen_testers (0.8.0.pre0)
      atp (~> 0.4, >= 0.4.2)
      origen (>= 0.7.31)
      require_all (~> 1)

GEM
  remote: https://rubygems.org/
  specs:
    activesupport (4.2.7.1)
      i18n (~> 0.7)
      json (~> 1.7, >= 1.7.7)
      minitest (~> 5.1)
      thread_safe (~> 0.3, >= 0.3.4)
      tzinfo (~> 1.1)
    ast (2.3.0)
    astrolabe (1.3.1)
      parser (~> 2.2)
    atp (0.4.2)
      ast (~> 2)
      origen (>= 0.2.3)
      sexpistol (~> 0.0)
    builder (3.2.2)
    byebug (3.5.1)
      columnize (~> 0.8)
      debugger-linecache (~> 1.2)
      slop (~> 3.6)
    coderay (1.1.1)
    colored (1.2)
    columnize (0.9.0)
    coveralls (0.8.15)
      json (>= 1.8, < 3)
      simplecov (~> 0.12.0)
      term-ansicolor (~> 1.3)
      thor (~> 0.19.1)
      tins (>= 1.6.0, < 2)
    cri (2.7.0)
      colored (~> 1.2)
    debugger-linecache (1.2.0)
    diff-lcs (1.2.5)
    docile (1.1.5)
    faraday (0.9.2)
      multipart-post (>= 1.2, < 3)
    geminabox (0.12.4)
      builder
      faraday
      httpclient (>= 2.2.7)
      nesty
      sinatra (>= 1.2.7)
    gems (0.8.3)
    highline (1.7.8)
    httparty (0.14.0)
      multi_xml (>= 0.5.2)
    httpclient (2.8.2.3)
    i18n (0.7.0)
    json (1.8.3)
    kramdown (1.12.0)
    log4r (1.1.10)
    method_source (0.8.2)
    mini_portile2 (2.0.0)
    minitest (5.9.0)
    multi_xml (0.5.5)
    multipart-post (2.0.0)
    nanoc (3.8.0)
      cri (~> 2.3)
    nesty (1.0.2)
    net-ldap (0.15.0)
    nokogiri (1.6.7.2)
      mini_portile2 (~> 2.0.0.rc2)
    nokogiri (1.6.7.2-x86-mingw32)
      mini_portile2 (~> 2.0.0.rc2)
    origen (0.7.31)
      activesupport (~> 4.1)
      bundler (~> 1.7)
      coderay (~> 1.1)
      colored (~> 1.2)
      geminabox (= 0.12.4)
      gems (~> 0.8)
      highline (~> 1.7)
      httparty (~> 0.13)
      kramdown (~> 1.5)
      log4r (~> 1.1.10, ~> 1.1)
      nanoc (~> 3.7)
      net-ldap (~> 0.13)
      nokogiri (= 1.6.7.2)
      pry (~> 0.10)
      rake (~> 10)
      rspec (~> 3)
      rspec-legacy_formatters (~> 1)
      rubocop (= 0.30)
      scrub_rb (~> 1.0)
      simplecov (~> 0.9)
      thor (~> 0.19)
      yard (~> 0.8)
    origen_arm_debug (0.4.3)
      origen (~> 0.2)
      origen_jtag (>= 0.12.0)
      origen_swd (>= 0.5.0)
    origen_doc_helpers (0.4.2)
      origen (>= 0.7.15)
    origen_jtag (0.12.0)
      origen (~> 0.2)
    origen_swd (0.5.0)
      origen (~> 0.2)
    parser (2.3.1.2)
      ast (~> 2.2)
    powerpack (0.1.1)
    pry (0.10.4)
      coderay (~> 1.1.0)
      method_source (~> 0.8.1)
      slop (~> 3.4)
    rack (1.6.4)
    rack-protection (1.5.3)
      rack
    rainbow (2.1.0)
    rake (10.5.0)
    require_all (1.3.3)
    ripper-tags (0.3.3)
    rspec (3.5.0)
      rspec-core (~> 3.5.0)
      rspec-expectations (~> 3.5.0)
      rspec-mocks (~> 3.5.0)
    rspec-core (3.5.3)
      rspec-support (~> 3.5.0)
    rspec-expectations (3.5.0)
      diff-lcs (>= 1.2.0, < 2.0)
      rspec-support (~> 3.5.0)
    rspec-legacy_formatters (1.0.1)
      rspec (~> 3.0)
    rspec-mocks (3.5.0)
      diff-lcs (>= 1.2.0, < 2.0)
      rspec-support (~> 3.5.0)
    rspec-support (3.5.0)
    rubocop (0.30.0)
      astrolabe (~> 1.3)
      parser (>= 2.2.0.1, < 3.0)
      powerpack (~> 0.1)
      rainbow (>= 1.99.1, < 3.0)
      ruby-progressbar (~> 1.4)
    ruby-progressbar (1.8.1)
    scrub_rb (1.0.1)
    sexpistol (0.0.7)
    simplecov (0.12.0)
      docile (~> 1.1.0)
      json (>= 1.8, < 3)
      simplecov-html (~> 0.10.0)
    simplecov-html (0.10.0)
    sinatra (1.4.7)
      rack (~> 1.5)
      rack-protection (~> 1.4)
      tilt (>= 1.3, < 3)
    slop (3.6.0)
    term-ansicolor (1.3.2)
      tins (~> 1.0)
    thor (0.19.1)
    thread_safe (0.3.5)
    tilt (2.0.5)
    tins (1.12.0)
    tzinfo (1.2.2)
      thread_safe (~> 0.1)
    yard (0.9.5)
    yard-activesupport-concern (0.0.1)
      yard (>= 0.8)

PLATFORMS
  ruby
  x86-mingw32

DEPENDENCIES
  byebug (~> 3.5)
  coveralls
  origen_arm_debug (= 0.4.3)
  origen_doc_helpers (>= 0.2.0)
  origen_jtag (>= 0.12.0)
  origen_testers!
  ripper-tags
  yard-activesupport-concern
