GIT
  remote: https://github.com/Origen-SDK/origen_stil.git
  revision: 8d726318d86dc32eabf0d91cb2de5d423418abf9
  specs:
    origen_stil (0.3.0)
      ast (~> 2)
      origen (>= 0.33.3)
      treetop

PATH
  remote: .
  specs:
    origen_testers (0.51.0)
      ast (~> 2)
      atp (~> 1.1, >= 1.1.3)
      dentaku (~> 3)
      origen (>= 0.60.7)
      origen_stil (>= 0.2.1)
      require_all (~> 1)
      rodf (~> 1)
      sexpistol (= 0.0.7)
      simplecov (~> 0.17)
      simplecov-html (~> 0.10.0)

GEM
  remote: https://rubygems.org/
  specs:
    activesupport (4.2.11.3)
      i18n (~> 0.7)
      minitest (~> 5.1)
      thread_safe (~> 0.3, >= 0.3.4)
      tzinfo (~> 1.1)
    ast (2.4.2)
    astrolabe (1.3.1)
      parser (~> 2.2)
    atp (1.1.3)
      ast (~> 2)
      origen (>= 0.2.3)
      sexpistol (~> 0.0)
    builder (3.2.4)
    byebug (8.2.5)
    coderay (1.1.3)
    colored (1.2)
    colorize (0.8.1)
    concurrent-ruby (1.2.0)
    cri (2.10.1)
      colored (~> 1.2)
    dentaku (3.5.1)
      concurrent-ruby
    diff-lcs (1.5.0)
    docile (1.4.0)
    dry-inflector (0.1.2)
    gems (0.8.3)
    highline (1.7.10)
    httparty (0.21.0)
      mini_mime (>= 1.0.0)
      multi_xml (>= 0.5.2)
    i18n (0.9.5)
      concurrent-ruby (~> 1.0)
    json (2.6.3)
    kramdown (1.17.0)
    method_source (1.0.0)
    mini_mime (1.1.2)
    mini_portile2 (2.8.1)
    minitest (5.17.0)
    multi_xml (0.6.0)
    nanoc (3.7.5)
      cri (~> 2.3)
    net-ldap (0.17.1)
    nokogiri (1.13.10)
      mini_portile2 (~> 2.8.0)
      racc (~> 1.4)
    origen (0.60.7)
      activesupport (~> 4.1)
      bundler (> 1.7)
      coderay (~> 1.1)
      colored (~> 1.2)
      colorize (~> 0.8.1)
      concurrent-ruby
      cri (~> 2.10.0)
      dentaku (~> 3)
      gems (~> 0.8)
      highline (~> 1.7)
      httparty (~> 0.13)
      kramdown (~> 1.5)
      nanoc (~> 3.7.0)
      net-ldap (~> 0.13)
      nokogiri (>= 1.7.2)
      pry (~> 0.10)
      rake (~> 10)
      rspec (~> 3)
      rspec-legacy_formatters (~> 1)
      rubocop (= 0.30)
      scrub_rb (~> 1.0)
      simplecov (~> 0.17)
      simplecov-html (~> 0.10)
      thor (~> 0.19)
      yard (~> 0.8)
    origen_arm_debug (0.4.3)
      origen (~> 0.2)
      origen_jtag (>= 0.12.0)
      origen_swd (>= 0.5.0)
    origen_doc_helpers (0.8.6)
      origen (>= 0.7.15)
    origen_jtag (0.22.2)
      origen (~> 0.7, >= 0.7.35)
      origen_testers (>= 0.13.2)
    origen_swd (1.1.2)
      origen (>= 0.7.36)
    parser (2.7.2.0)
      ast (~> 2.4.1)
    polyglot (0.3.5)
    powerpack (0.1.3)
    pry (0.14.2)
      coderay (~> 1.1)
      method_source (~> 1.0)
    racc (1.6.2)
    rainbow (2.2.2)
      rake
    rake (10.5.0)
    require_all (1.5.0)
    ripper-tags (0.9.1)
    rodf (1.2.0)
      builder (>= 3.0)
      rubyzip (>= 1.0)
    rspec (3.12.0)
      rspec-core (~> 3.12.0)
      rspec-expectations (~> 3.12.0)
      rspec-mocks (~> 3.12.0)
    rspec-core (3.12.1)
      rspec-support (~> 3.12.0)
    rspec-expectations (3.12.2)
      diff-lcs (>= 1.2.0, < 2.0)
      rspec-support (~> 3.12.0)
    rspec-legacy_formatters (1.0.2)
      rspec (~> 3.0)
    rspec-mocks (3.12.3)
      diff-lcs (>= 1.2.0, < 2.0)
      rspec-support (~> 3.12.0)
    rspec-support (3.12.0)
    rubocop (0.30.0)
      astrolabe (~> 1.3)
      parser (>= 2.2.0.1, < 3.0)
      powerpack (~> 0.1)
      rainbow (>= 1.99.1, < 3.0)
      ruby-progressbar (~> 1.4)
    ruby-progressbar (1.11.0)
    rubyzip (1.3.0)
    scrub_rb (1.0.1)
    sexpistol (0.0.7)
    simplecov (0.17.1)
      docile (~> 1.1)
      json (>= 1.8, < 3)
      simplecov-html (~> 0.10.0)
    simplecov-html (0.10.2)
    thor (0.20.3)
    thread_safe (0.3.6)
    treetop (1.6.12)
      polyglot (~> 0.3)
    tzinfo (1.2.11)
      thread_safe (~> 0.1)
    webrick (1.7.0)
    yard (0.9.28)
      webrick (~> 1.7.0)
    yard-activesupport-concern (0.0.1)
      yard (>= 0.8)

PLATFORMS
  ruby

DEPENDENCIES
  byebug (~> 8)
  dry-inflector (= 0.1.2)
  nokogiri
  origen_arm_debug (= 0.4.3)
  origen_doc_helpers
  origen_jtag (>= 0.12.0)
  origen_stil!
  origen_testers!
  ripper-tags
  rubyzip (~> 1)
  yard-activesupport-concern

BUNDLED WITH
   2.1.4
